GEM
  specs:
    sass (3.4.8)

PLATFORMS
  ruby

DEPENDENCIES
  sass
